GEM
  remote: https://rubygems.org/
  specs:
    geomotion (0.13.1)
    rake (10.1.0)
    rubymotion_generators (0.1.0)
      thor (~> 0.15)
    sugarcube (1.3.4)
    thor (0.18.1)

PLATFORMS
  ruby

DEPENDENCIES
  geomotion
  rake
  rubymotion_generators
  sugarcube
